GIT
  remote: git://github.com/tolsen/magickly.git
  revision: 4b0d75b5e650b2e9138e2ce5d61fd482d13e2b80
  ref: 4b0d75b5e650b2e9138e2ce5d61fd482d13e2b80
  specs:
    magickly (1.3.0)
      activesupport (>= 2.0.0)
      addressable (~> 2.2)
      dragonfly (~> 0.9.1)
      httparty (~> 0.8.1)
      sinatra (~> 1.2.1)

GEM
  remote: http://rubygems.org/
  specs:
    activesupport (3.1.3)
      multi_json (~> 1.0)
    addressable (2.2.6)
    archive-tar-minitar (0.5.2)
    columnize (0.3.4)
    crack (0.3.1)
    diff-lcs (1.1.3)
    dragonfly (0.9.8)
      rack
    face (0.0.4)
      json (>= 1.4.6)
      rest-client (>= 1.6.1)
    git (1.2.5)
    haml (3.1.2)
    httparty (0.8.1)
      multi_json
      multi_xml
    imagesize (0.1.1)
    jeweler (1.6.4)
      bundler (~> 1.0)
      git (>= 1.2.5)
      rake
    json (1.5.4)
    linecache (0.46)
      rbx-require-relative (> 0.0.4)
    linecache19 (0.5.12)
      ruby_core_source (>= 0.1.4)
    mime-types (1.16)
    multi_json (1.0.4)
    multi_xml (0.4.1)
    newrelic_rpm (3.1.1)
    rack (1.3.5)
    rack-test (0.6.1)
      rack (>= 1.0)
    rake (0.9.2.2)
    rbx-require-relative (0.0.5)
    rest-client (1.6.7)
      mime-types (>= 1.16)
    rspec (2.6.0)
      rspec-core (~> 2.6.0)
      rspec-expectations (~> 2.6.0)
      rspec-mocks (~> 2.6.0)
    rspec-core (2.6.4)
    rspec-expectations (2.6.0)
      diff-lcs (~> 1.1.2)
    rspec-mocks (2.6.0)
    ruby-debug (0.10.4)
      columnize (>= 0.1)
      ruby-debug-base (~> 0.10.4.0)
    ruby-debug-base (0.10.4)
      linecache (>= 0.3)
    ruby-debug-base19 (0.11.25)
      columnize (>= 0.3.1)
      linecache19 (>= 0.5.11)
      ruby_core_source (>= 0.1.4)
    ruby-debug19 (0.11.6)
      columnize (>= 0.3.1)
      linecache19 (>= 0.5.11)
      ruby-debug-base19 (>= 0.11.19)
    ruby_core_source (0.1.5)
      archive-tar-minitar (>= 0.5.2)
    sinatra (1.2.7)
      rack (~> 1.1)
      tilt (>= 1.2.2, < 2.0)
    tilt (1.3.3)
    vcr (1.11.3)
    webmock (1.7.6)
      addressable (~> 2.2, > 2.2.5)
      crack (>= 0.1.7)

PLATFORMS
  ruby

DEPENDENCIES
  addressable (~> 2.2.4)
  dragonfly (~> 0.9.0)
  face (= 0.0.4)
  haml (~> 3.0)
  imagesize (~> 0.1)
  jeweler (~> 1.6)
  magickly!
  newrelic_rpm
  rack-test
  rspec (~> 2.5)
  ruby-debug
  ruby-debug19
  sinatra (~> 1.2.3)
  vcr (~> 1.9)
  webmock (~> 1.6)
